GEM
  remote: https://rubygems.org/
  specs:
    addressable (2.5.1)
      public_suffix (~> 2.0, >= 2.0.2)
    coderay (1.1.1)
    css_parser (1.5.0)
      addressable
    method_source (0.8.2)
    mini_portile2 (2.1.0)
    nokogiri (1.7.0.1)
      mini_portile2 (~> 2.1.0)
    pry (0.10.4)
      coderay (~> 1.1.0)
      method_source (~> 0.8.1)
      slop (~> 3.4)
    public_suffix (2.0.5)
    rake (12.0.0)
    slop (3.6.0)

PLATFORMS
  ruby

DEPENDENCIES
  css_parser
  nokogiri
  pry
  rake

BUNDLED WITH
   1.14.6
