GEM
  remote: https://rubygems.org/
  specs:
    addressable (2.5.1)
      public_suffix (~> 2.0, >= 2.0.2)
    css_parser (1.5.0)
      addressable
    public_suffix (2.0.5)
    rake (12.0.0)

PLATFORMS
  ruby

DEPENDENCIES
  css_parser
  rake

BUNDLED WITH
   1.10.6
